RESTRICTION: >= net462
NUGET
  remote: https://www.nuget.org/api/v2
    ExcelDna.AddIn (0.34.6)
      ExcelDna.Integration (0.34.6)
    ExcelDna.Integration (0.34.6)
    FAKE (5.0.0-beta010)
    FSharp.Core (4.2.3)
    MathNet.Numerics (3.20)
